GEM
  remote: https://rubygems.org/
  specs:
    ruby-mysql (3.0.0)

PLATFORMS
  arm64-darwin-21

DEPENDENCIES
  ruby-mysql

BUNDLED WITH
   2.3.3
